PATH
  remote: .
  specs:
    thinking-lobster (1.0.0.pre)
      bson_ext
      mongo
      mongoid

GEM
  remote: http://rubygems.org/
  specs:
    activemodel (3.2.14)
      activesupport (= 3.2.14)
      builder (~> 3.0.0)
    activesupport (3.2.14)
      i18n (~> 0.6, >= 0.6.4)
      multi_json (~> 1.0)
    bson (1.9.2)
    bson_ext (1.9.2)
      bson (~> 1.9.2)
    builder (3.0.4)
    coderay (1.0.9)
    i18n (0.6.5)
    method_source (0.8.2)
    mongo (1.9.2)
      bson (~> 1.9.2)
    mongoid (3.1.5)
      activemodel (~> 3.2)
      moped (~> 1.4)
      origin (~> 1.0)
      tzinfo (~> 0.3.29)
    moped (1.5.1)
    multi_json (1.8.1)
    origin (1.1.0)
    pry (0.9.12.2)
      coderay (~> 1.0.5)
      method_source (~> 0.8)
      slop (~> 3.4)
    slop (3.4.6)
    tzinfo (0.3.38)

PLATFORMS
  ruby

DEPENDENCIES
  bson_ext
  mongo
  mongoid
  pry
  thinking-lobster!
